GEM
  remote: http://rubygems.org/
  specs:
    awesome_print (1.7.0)
    builder (3.2.3)
    calabash-android (0.5.8)
      awesome_print (~> 1.2)
      cucumber (~> 1.3.17)
      escape (~> 0.0.4)
      httpclient (>= 2.3.2, < 3.0)
      json (~> 1.8)
      retriable (>= 1.3.3.1, < 1.5)
      rubyzip (~> 1.1)
      slowhandcuke (~> 0.0.3)
    childprocess (0.6.1)
      ffi (~> 1.0, >= 1.0.11)
    cucumber (1.3.20)
      builder (>= 2.1.2)
      diff-lcs (>= 1.1.3)
      gherkin (~> 2.12)
      multi_json (>= 1.7.5, < 2.0)
      multi_test (>= 0.1.2)
    data_magic (1.0)
      faker (>= 1.1.2)
      yml_reader (>= 0.6)
    diff-lcs (1.3)
    escape (0.0.4)
    faker (1.7.3)
      i18n (~> 0.5)
    ffi (1.9.17)
    gherkin (2.12.2)
      multi_json (~> 1.3)
    httpclient (2.8.3)
    i18n (0.8.1)
    json (1.8.6)
    multi_json (1.12.1)
    multi_test (0.1.2)
    net-http-persistent (2.9.4)
    page-object (2.0.0)
      net-http-persistent (~> 2.9.4)
      page_navigation (>= 0.9)
      selenium-webdriver (~> 3.0)
      watir (~> 6.0)
    page_navigation (0.10)
      data_magic (>= 0.22)
    require_all (1.4.0)
    retriable (1.4.1)
    rubyzip (1.2.1)
    selenium-webdriver (3.2.1)
      childprocess (~> 0.5)
      rubyzip (~> 1.0)
      websocket (~> 1.0)
    slowhandcuke (0.0.3)
      cucumber
    watir (6.2.0)
      selenium-webdriver (~> 3.0)
    websocket (1.2.4)
    yml_reader (0.7)

PLATFORMS
  ruby

DEPENDENCIES
  calabash-android (= 0.5.8)
  page-object
  require_all

BUNDLED WITH
   1.14.4
